GEM
  remote: http://rubygems.org/
  specs:
    ansi (1.5.0)
    builder (3.2.2)
    minitest (5.5.1)
    minitest-reporters (1.0.11)
      ansi
      builder
      minitest (>= 5.0)
      ruby-progressbar
    rake (10.4.2)
    ruby-progressbar (1.7.1)

PLATFORMS
  ruby

DEPENDENCIES
  minitest-reporters
  rake
